PATH
  remote: .
  specs:
    teahouse (0.0.1)
      faye
      liquid
      ohm (~> 2.0.0.rc1)
      sinatra

GEM
  remote: http://rubygems.org/
  specs:
    addressable (2.3.5)
    coderay (1.1.0)
    cookiejar (0.3.0)
    daemons (1.1.9)
    em-http-request (1.1.2)
      addressable (>= 2.3.4)
      cookiejar
      em-socksify (>= 0.3)
      eventmachine (>= 1.0.3)
      http_parser.rb (>= 0.6.0)
    em-socksify (0.3.0)
      eventmachine (>= 1.0.0.beta.4)
    eventmachine (1.0.3)
    faye (1.0.1)
      cookiejar (>= 0.3.0)
      em-http-request (>= 0.3.0)
      eventmachine (>= 0.12.0)
      faye-websocket (>= 0.7.0)
      multi_json (>= 1.0.0)
      rack (>= 1.0.0)
      websocket-driver (>= 0.3.0)
    faye-websocket (0.7.1)
      eventmachine (>= 0.12.0)
      websocket-driver (>= 0.3.1)
    hiredis (0.4.5)
    http_parser.rb (0.6.0)
    liquid (2.6.0)
    method_source (0.8.2)
    msgpack (0.5.8)
    multi_json (1.8.2)
    nido (0.0.1)
    ohm (2.0.0.rc1)
      msgpack
      nido
      redic
    pry (0.9.12.3)
      coderay (~> 1.0)
      method_source (~> 0.8)
      slop (~> 3.4)
    rack (1.5.2)
    rack-protection (1.5.1)
      rack
    redic (0.0.8)
      hiredis
    sinatra (1.4.4)
      rack (~> 1.4)
      rack-protection (~> 1.4)
      tilt (~> 1.3, >= 1.3.4)
    slop (3.4.6)
    thin (1.6.1)
      daemons (>= 1.0.9)
      eventmachine (>= 1.0.0)
      rack (>= 1.0.0)
    tilt (1.4.1)
    websocket-driver (0.3.1)

PLATFORMS
  ruby

DEPENDENCIES
  pry
  teahouse!
  thin
